GEM
  remote: https://rubygems.org/
  specs:
    pg (0.20.0)

PLATFORMS
  ruby

DEPENDENCIES
  pg

RUBY VERSION
   ruby 2.2.0p0

BUNDLED WITH
   1.14.6
